PATH
  remote: ../..
  specs:
    snabberb (1.3.1)
      opal (~> 1.1)

GEM
  remote: https://rubygems.org/
  specs:
    ast (2.4.2)
    concurrent-ruby (1.1.8)
    execjs (2.7.0)
    libv8-node (15.14.0.0)
    mini_racer (0.4.0)
      libv8-node (~> 15.14.0.0)
    opal (1.1.1)
      ast (>= 2.3.0)
      parser (~> 3.0)
    opal-sprockets (1.0.0)
      opal (>= 1.0, < 1.2)
      sprockets (~> 4.0)
      tilt (>= 1.4)
    parser (3.0.1.0)
      ast (~> 2.4.1)
    rack (2.2.3)
    roda (3.43.1)
      rack
    sprockets (4.0.2)
      concurrent-ruby (~> 1.0)
      rack (> 1, < 3)
    tilt (2.0.10)
    webrick (1.7.0)

PLATFORMS
  ruby

DEPENDENCIES
  execjs
  mini_racer
  opal
  opal-sprockets
  roda
  snabberb!
  webrick

BUNDLED WITH
   2.2.3
