PATH
  remote: ../..
  specs:
    snabberb (0.1.0)
      opal (~> 1.0)

GEM
  remote: https://rubygems.org/
  specs:
    ast (2.4.0)
    c_lexer (2.5.3.0.0)
      ast (~> 2.4.0)
      parser (= 2.5.3.0)
    opal (1.0.0)
      ast (>= 2.3.0)
      parser (= 2.5.3.0)
    parser (2.5.3.0)
      ast (~> 2.4.0)
    rack (2.0.7)

PLATFORMS
  ruby

DEPENDENCIES
  c_lexer
  opal
  rack
  snabberb!

BUNDLED WITH
   2.0.2
