PATH
  remote: ../..
  specs:
    snabberb (1.3.1)
      opal (~> 1.1)

GEM
  remote: https://rubygems.org/
  specs:
    ast (2.4.2)
    opal (1.1.1)
      ast (>= 2.3.0)
      parser (~> 3.0)
    parser (3.0.1.0)
      ast (~> 2.4.1)
    rack (2.2.3)
    webrick (1.7.0)

PLATFORMS
  ruby

DEPENDENCIES
  opal
  rack
  snabberb!
  webrick

BUNDLED WITH
   2.2.3
