PATH
  remote: ../..
  specs:
    snabberb (1.0.0)
      opal (~> 1.0)

GEM
  remote: https://rubygems.org/
  specs:
    ast (2.4.1)
    c_lexer (2.6.4.1.1)
      ast (~> 2.4.0)
      parser (= 2.6.4.1)
    opal (1.0.3)
      ast (>= 2.3.0)
      parser (~> 2.6)
    parser (2.6.4.1)
      ast (~> 2.4.0)
    rack (2.2.3)

PLATFORMS
  ruby

DEPENDENCIES
  c_lexer
  opal
  rack
  snabberb!

BUNDLED WITH
   2.1.4
